GEM
  remote: https://rubygems.org/
  specs:
    byebug (11.1.3)
    unicode-blocks (1.6.0)
    unicode-categories (1.6.0)
    unicode-confusable (1.7.0)
    unicode-display_width (1.7.0)
    unicode-emoji (2.5.0)
      unicode-version (~> 1.0)
    unicode-name (1.9.0)
      unicode-types (~> 1.6)
    unicode-numeric_value (1.7.0)
    unicode-scripts (1.6.0)
    unicode-sequence_name (1.7.0)
    unicode-types (1.6.0)
    unicode-version (1.0.0)
    unicode-x (13.0.1)
      unicode-blocks (>= 1.6, < 2.0)
      unicode-categories (>= 1.6, < 2.0)
      unicode-confusable (>= 1.7, < 2.0)
      unicode-display_width (>= 1.7, < 2.0)
      unicode-emoji (>= 2.4, < 3.0)
      unicode-name (>= 1.9, < 2.0)
      unicode-numeric_value (>= 1.7, < 2.0)
      unicode-scripts (>= 1.6, < 2.0)
      unicode-sequence_name (>= 1.5, < 2.0)
      unicode-types (>= 1.5, < 2.0)

PLATFORMS
  ruby

DEPENDENCIES
  byebug
  unicode-x

BUNDLED WITH
   2.1.4
